GEM
  remote: https://rubygems.org/
  specs:
    dotenv (2.0.1)
    kgio (2.9.3)
    mysql2 (0.3.18)
    mysql2-cs-bind (0.0.6)
      mysql2
    rack (1.6.1)
    rack-protection (1.5.3)
      rack
    raindrops (0.13.0)
    sinatra (1.4.6)
      rack (~> 1.4)
      rack-protection (~> 1.4)
      tilt (>= 1.3, < 3)
    tilt (2.0.1)
    unicorn (4.9.0)
      kgio (~> 2.6)
      rack
      raindrops (~> 0.7)

PLATFORMS
  ruby

DEPENDENCIES
  dotenv
  mysql2-cs-bind
  rack
  sinatra
  unicorn
